PATH
  remote: .
  specs:
    cssdoc (0.1)

GEM
  remote: https://rubygems.org/
  specs:
    json (1.7.7)
    sass (3.2.7)

PLATFORMS
  ruby

DEPENDENCIES
  cssdoc!
  json
  sass (= 3.2.7)
