GEM
  remote: http://rubygems.org/
  specs:
    sass (3.2.7)

PLATFORMS
  ruby

DEPENDENCIES
  sass
